GEM
  remote: https://rubygems.org/
  specs:
    byebug (11.1.3)
    debase (0.2.4.1)
      debase-ruby_core_source (>= 0.10.2)
    debase-ruby_core_source (0.10.9)
    little-plugger (1.1.4)
    logging (2.2.2)
      little-plugger (~> 1.1)
      multi_json (~> 1.10)
    multi_json (1.14.1)
    rake (13.0.1)
    ruby-debug-ide (0.7.2)
      rake (>= 0.8.1)

PLATFORMS
  ruby

DEPENDENCIES
  byebug
  debase (~> 0.2.4.1)
  logging
  rake (~> 13.0, >= 13.0.1)
  ruby-debug-ide (~> 0.7.2)

BUNDLED WITH
   2.0.2
